PATH
  remote: .
  specs:
    cow_auth (0.5.1)
      scrypt (~> 3.0)

GEM
  remote: https://rubygems.org/
  specs:
    ffi (1.9.18)
    ffi-compiler (1.0.1)
      ffi (>= 1.0.0)
      rake
    minitest (5.10.3)
    rake (10.5.0)
    scrypt (3.0.5)
      ffi-compiler (>= 1.0, < 2.0)

PLATFORMS
  ruby

DEPENDENCIES
  bundler (~> 1.16)
  cow_auth!
  minitest (~> 5.0)
  rake (~> 10.0)

BUNDLED WITH
   1.16.1.pre1
