PATH
  remote: .
  specs:
    cow_auth (0.7.0)
      activerecord (~> 6.0)
      scrypt (~> 3.0)

GEM
  remote: https://rubygems.org/
  specs:
    activemodel (6.1.3)
      activesupport (= 6.1.3)
    activerecord (6.1.3)
      activemodel (= 6.1.3)
      activesupport (= 6.1.3)
    activesupport (6.1.3)
      concurrent-ruby (~> 1.0, >= 1.0.2)
      i18n (>= 1.6, < 2)
      minitest (>= 5.1)
      tzinfo (~> 2.0)
      zeitwerk (~> 2.3)
    concurrent-ruby (1.1.8)
    ffi (1.13.1)
    ffi-compiler (1.0.1)
      ffi (>= 1.0.0)
      rake
    i18n (1.8.9)
      concurrent-ruby (~> 1.0)
    minitest (5.14.1)
    rake (12.3.3)
    scrypt (3.0.7)
      ffi-compiler (>= 1.0, < 2.0)
    tzinfo (2.0.4)
      concurrent-ruby (~> 1.0)
    zeitwerk (2.4.2)

PLATFORMS
  ruby

DEPENDENCIES
  cow_auth!
  minitest (~> 5.0)
  rake (~> 12.0)

BUNDLED WITH
   2.1.4
